PATH
  remote: .
  specs:
    bl_security_addons (0.0.0.2)

GEM
  remote: https://rubygems.org/
  specs:
    jwt (2.7.1)

PLATFORMS
  x86_64-darwin-21

DEPENDENCIES
  bl_security_addons!
  jwt

BUNDLED WITH
   2.3.7
